GIT
  remote: https://github.com/faker-ruby/faker.git
  revision: 6867cf5c4dcd0710f860c9ce40607eadae413693
  branch: master
  specs:
    faker (2.17.0)
      i18n (>= 1.6, < 2)

GEM
  remote: https://rubygems.org/
  specs:
    actioncable (6.1.3)
      actionpack (= 6.1.3)
      activesupport (= 6.1.3)
      nio4r (~> 2.0)
      websocket-driver (>= 0.6.1)
    actionmailbox (6.1.3)
      actionpack (= 6.1.3)
      activejob (= 6.1.3)
      activerecord (= 6.1.3)
      activestorage (= 6.1.3)
      activesupport (= 6.1.3)
      mail (>= 2.7.1)
    actionmailer (6.1.3)
      actionpack (= 6.1.3)
      actionview (= 6.1.3)
      activejob (= 6.1.3)
      activesupport (= 6.1.3)
      mail (~> 2.5, >= 2.5.4)
      rails-dom-testing (~> 2.0)
    actionpack (6.1.3)
      actionview (= 6.1.3)
      activesupport (= 6.1.3)
      rack (~> 2.0, >= 2.0.9)
      rack-test (>= 0.6.3)
      rails-dom-testing (~> 2.0)
      rails-html-sanitizer (~> 1.0, >= 1.2.0)
    actiontext (6.1.3)
      actionpack (= 6.1.3)
      activerecord (= 6.1.3)
      activestorage (= 6.1.3)
      activesupport (= 6.1.3)
      nokogiri (>= 1.8.5)
    actionview (6.1.3)
      activesupport (= 6.1.3)
      builder (~> 3.1)
      erubi (~> 1.4)
      rails-dom-testing (~> 2.0)
      rails-html-sanitizer (~> 1.1, >= 1.2.0)
    activejob (6.1.3)
      activesupport (= 6.1.3)
      globalid (>= 0.3.6)
    activemodel (6.1.3)
      activesupport (= 6.1.3)
    activerecord (6.1.3)
      activemodel (= 6.1.3)
      activesupport (= 6.1.3)
    activestorage (6.1.3)
      actionpack (= 6.1.3)
      activejob (= 6.1.3)
      activerecord (= 6.1.3)
      activesupport (= 6.1.3)
      marcel (~> 0.3.1)
      mimemagic (~> 0.3.2)
    activesupport (6.1.3)
      concurrent-ruby (~> 1.0, >= 1.0.2)
      i18n (>= 1.6, < 2)
      minitest (>= 5.1)
      tzinfo (~> 2.0)
      zeitwerk (~> 2.3)
    addressable (2.7.0)
      public_suffix (>= 2.0.2, < 5.0)
    airbrussh (1.4.0)
      sshkit (>= 1.6.1, != 1.7.0)
    annotate (3.1.1)
      activerecord (>= 3.2, < 7.0)
      rake (>= 10.4, < 14.0)
    appsignal (3.0.1)
      rack
    ast (2.4.2)
    attr_encrypted (3.1.0)
      encryptor (~> 3.0.0)
    aws-eventstream (1.1.1)
    aws-partitions (1.432.0)
    aws-sdk-core (3.113.0)
      aws-eventstream (~> 1, >= 1.0.2)
      aws-partitions (~> 1, >= 1.239.0)
      aws-sigv4 (~> 1.1)
      jmespath (~> 1.0)
    aws-sdk-kms (1.43.0)
      aws-sdk-core (~> 3, >= 3.112.0)
      aws-sigv4 (~> 1.1)
    aws-sdk-s3 (1.91.0)
      aws-sdk-core (~> 3, >= 3.112.0)
      aws-sdk-kms (~> 1)
      aws-sigv4 (~> 1.1)
    aws-sigv4 (1.2.3)
      aws-eventstream (~> 1, >= 1.0.2)
    bcrypt (3.1.16)
    bcrypt_pbkdf (1.1.0)
    bindex (0.8.1)
    bootsnap (1.7.2)
      msgpack (~> 1.0)
    builder (3.2.4)
    byebug (11.1.3)
    capistrano (3.16.0)
      airbrussh (>= 1.0.0)
      i18n
      rake (>= 10.0.0)
      sshkit (>= 1.9.0)
    capistrano-bundler (2.0.1)
      capistrano (~> 3.1)
    capistrano-passenger (0.2.1)
      capistrano (~> 3.0)
    capistrano-rails (1.6.1)
      capistrano (~> 3.1)
      capistrano-bundler (>= 1.1, < 3)
    capistrano-sidekiq (2.0.0)
      capistrano (>= 3.9.0)
      capistrano-bundler
      sidekiq (>= 6.0)
    capybara (3.35.3)
      addressable
      mini_mime (>= 0.1.3)
      nokogiri (~> 1.8)
      rack (>= 1.6.0)
      rack-test (>= 0.6.3)
      regexp_parser (>= 1.5, < 3.0)
      xpath (~> 3.2)
    childprocess (3.0.0)
    chronic (0.10.2)
    coderay (1.1.3)
    concurrent-ruby (1.1.8)
    connection_pool (2.2.3)
    crack (0.4.5)
      rexml
    crass (1.0.6)
    devise (4.7.3)
      bcrypt (~> 3.0)
      orm_adapter (~> 0.1)
      railties (>= 4.1.0)
      responders
      warden (~> 1.2.3)
    devise-i18n (1.9.3)
      devise (>= 4.7.1)
    dnsruby (1.61.5)
      simpleidn (~> 0.1)
    domain_name (0.5.20190701)
      unf (>= 0.0.5, < 1.0.0)
    ed25519 (1.2.4)
    encryptor (3.0.0)
    erubi (1.10.0)
    factory_bot (6.1.0)
      activesupport (>= 5.0.0)
    factory_bot_rails (6.1.0)
      factory_bot (~> 6.1.0)
      railties (>= 5.0.0)
    ffi (1.15.0)
    ffi-compiler (1.0.1)
      ffi (>= 1.0.0)
      rake
    globalid (0.4.2)
      activesupport (>= 4.2.0)
    hashdiff (1.0.1)
    http (4.4.1)
      addressable (~> 2.3)
      http-cookie (~> 1.0)
      http-form_data (~> 2.2)
      http-parser (~> 1.2.0)
    http-cookie (1.0.3)
      domain_name (~> 0.5)
    http-form_data (2.3.0)
    http-parser (1.2.3)
      ffi-compiler (>= 1.0, < 2.0)
    i18n (1.8.9)
      concurrent-ruby (~> 1.0)
    jbuilder (2.11.2)
      activesupport (>= 5.0.0)
    jmespath (1.4.0)
    json (2.5.1)
    kaminari (1.2.1)
      activesupport (>= 4.1.0)
      kaminari-actionview (= 1.2.1)
      kaminari-activerecord (= 1.2.1)
      kaminari-core (= 1.2.1)
    kaminari-actionview (1.2.1)
      actionview
      kaminari-core (= 1.2.1)
    kaminari-activerecord (1.2.1)
      activerecord
      kaminari-core (= 1.2.1)
    kaminari-core (1.2.1)
    listen (3.1.5)
      rb-fsevent (~> 0.9, >= 0.9.4)
      rb-inotify (~> 0.9, >= 0.9.7)
      ruby_dep (~> 1.2)
    loofah (2.9.0)
      crass (~> 1.0.2)
      nokogiri (>= 1.5.9)
    mail (2.7.1)
      mini_mime (>= 0.1.1)
    marcel (0.3.3)
      mimemagic (~> 0.3.2)
    maxmind-db (1.1.1)
    maxmind-geoip2 (0.5.0)
      connection_pool (~> 2.2)
      http (~> 4.3)
      maxmind-db (~> 1.1)
    mechanize (2.7.7)
      domain_name (~> 0.5, >= 0.5.1)
      http-cookie (~> 1.0)
      mime-types (>= 1.17.2)
      net-http-digest_auth (~> 1.1, >= 1.1.1)
      net-http-persistent (>= 2.5.2)
      nokogiri (~> 1.6)
      ntlm-http (~> 0.1, >= 0.1.1)
      webrick (~> 1.7)
      webrobots (>= 0.0.9, < 0.2)
    method_source (0.9.2)
    mime-types (3.3.1)
      mime-types-data (~> 3.2015)
    mime-types-data (3.2021.0225)
    mimemagic (0.3.10)
      nokogiri (~> 1)
      rake
    mini_mime (1.0.2)
    mini_portile2 (2.5.0)
    minitest (5.14.4)
    msgpack (1.4.2)
    mysql2 (0.5.3)
    net-http-digest_auth (1.4.1)
    net-http-persistent (4.0.1)
      connection_pool (~> 2.2)
    net-scp (3.0.0)
      net-ssh (>= 2.6.5, < 7.0.0)
    net-ssh (6.1.0)
    nio4r (2.5.7)
    nokogiri (1.11.0)
      mini_portile2 (~> 2.5.0)
      racc (~> 1.4)
    ntlm-http (0.1.1)
    orm_adapter (0.5.0)
    parallel (1.20.1)
    parser (3.0.0.0)
      ast (~> 2.4.1)
    pry (0.12.2)
      coderay (~> 1.1.0)
      method_source (~> 0.9.0)
    public_suffix (4.0.6)
    racc (1.5.2)
    rack (2.2.3)
    rack-proxy (0.6.5)
      rack
    rack-test (1.1.0)
      rack (>= 1.0, < 3)
    rails (6.1.3)
      actioncable (= 6.1.3)
      actionmailbox (= 6.1.3)
      actionmailer (= 6.1.3)
      actionpack (= 6.1.3)
      actiontext (= 6.1.3)
      actionview (= 6.1.3)
      activejob (= 6.1.3)
      activemodel (= 6.1.3)
      activerecord (= 6.1.3)
      activestorage (= 6.1.3)
      activesupport (= 6.1.3)
      bundler (>= 1.15.0)
      railties (= 6.1.3)
      sprockets-rails (>= 2.0.0)
    rails-controller-testing (1.0.5)
      actionpack (>= 5.0.1.rc1)
      actionview (>= 5.0.1.rc1)
      activesupport (>= 5.0.1.rc1)
    rails-dom-testing (2.0.3)
      activesupport (>= 4.2.0)
      nokogiri (>= 1.6)
    rails-html-sanitizer (1.3.0)
      loofah (~> 2.3)
    railties (6.1.3)
      actionpack (= 6.1.3)
      activesupport (= 6.1.3)
      method_source
      rake (>= 0.8.7)
      thor (~> 1.0)
    rainbow (3.0.0)
    rake (13.0.3)
    rb-fsevent (0.10.4)
    rb-inotify (0.10.1)
      ffi (~> 1.0)
    redis (4.2.5)
    regexp_parser (2.1.1)
    responders (3.0.1)
      actionpack (>= 5.0)
      railties (>= 5.0)
    rexml (3.2.5)
    rubocop (1.11.0)
      parallel (~> 1.10)
      parser (>= 3.0.0.0)
      rainbow (>= 2.2.2, < 4.0)
      regexp_parser (>= 1.8, < 3.0)
      rexml
      rubocop-ast (>= 1.2.0, < 2.0)
      ruby-progressbar (~> 1.7)
      unicode-display_width (>= 1.4.0, < 3.0)
    rubocop-ast (1.4.1)
      parser (>= 2.7.1.5)
    ruby-progressbar (1.11.0)
    ruby_dep (1.5.0)
    rubyzip (2.3.0)
    sass-rails (6.0.0)
      sassc-rails (~> 2.1, >= 2.1.1)
    sassc (2.4.0)
      ffi (~> 1.9)
    sassc-rails (2.1.2)
      railties (>= 4.0.0)
      sassc (>= 2.0)
      sprockets (> 3.0)
      sprockets-rails
      tilt
    selenium-webdriver (3.142.7)
      childprocess (>= 0.5, < 4.0)
      rubyzip (>= 1.2.2)
    sidekiq (6.1.3)
      connection_pool (>= 2.2.2)
      rack (~> 2.0)
      redis (>= 4.2.0)
    simpleidn (0.2.1)
      unf (~> 0.1.4)
    spring (2.1.1)
    spring-watcher-listen (2.0.1)
      listen (>= 2.7, < 4.0)
      spring (>= 1.2, < 3.0)
    sprockets (4.0.2)
      concurrent-ruby (~> 1.0)
      rack (> 1, < 3)
    sprockets-rails (3.2.2)
      actionpack (>= 4.0)
      activesupport (>= 4.0)
      sprockets (>= 3.0.0)
    sshkit (1.21.2)
      net-scp (>= 1.1.2)
      net-ssh (>= 2.8.0)
    thor (1.1.0)
    tilt (2.0.10)
    timecop (0.9.4)
    turbolinks (5.2.1)
      turbolinks-source (~> 5.2)
    turbolinks-source (5.2.0)
    tzinfo (2.0.4)
      concurrent-ruby (~> 1.0)
    unf (0.1.4)
      unf_ext
    unf_ext (0.0.7.7)
    unicode-display_width (2.0.0)
    vcr (6.0.0)
    warden (1.2.9)
      rack (>= 2.0.9)
    web-console (4.1.0)
      actionview (>= 6.0.0)
      activemodel (>= 6.0.0)
      bindex (>= 0.4.0)
      railties (>= 6.0.0)
    webdrivers (4.6.0)
      nokogiri (~> 1.6)
      rubyzip (>= 1.3.0)
      selenium-webdriver (>= 3.0, < 4.0)
    webmock (3.12.1)
      addressable (>= 2.3.6)
      crack (>= 0.3.2)
      hashdiff (>= 0.4.0, < 2.0.0)
    webpacker (4.3.0)
      activesupport (>= 4.2)
      rack-proxy (>= 0.6.1)
      railties (>= 4.2)
    webrick (1.7.0)
    webrobots (0.1.2)
    websocket-driver (0.7.3)
      websocket-extensions (>= 0.1.0)
    websocket-extensions (0.1.5)
    whenever (1.0.0)
      chronic (>= 0.6.3)
    xpath (3.2.0)
      nokogiri (~> 1.8)
    zeitwerk (2.4.2)

PLATFORMS
  ruby

DEPENDENCIES
  actionview (>= 6.0.3.1)
  annotate
  appsignal
  attr_encrypted (>= 3.1.0)
  aws-sdk-s3
  bcrypt_pbkdf
  bootsnap (>= 1.4.2)
  bundler (>= 2.1)
  byebug
  capistrano-passenger (>= 0.2.1)
  capistrano-rails
  capistrano-sidekiq
  capybara (>= 2.15)
  devise
  devise-i18n
  dnsruby
  ed25519
  factory_bot_rails
  faker!
  jbuilder (~> 2.7)
  json (>= 2.3.0)
  kaminari
  listen (>= 3.0.5, < 3.2)
  maxmind-geoip2
  mechanize (>= 2.7.7)
  mysql2 (>= 0.5.3)
  nokogiri (= 1.11.0)
  pry (~> 0.12.2)
  rails (~> 6.0)
  rails-controller-testing
  redis (~> 4.0)
  rubocop
  sass-rails (>= 6)
  selenium-webdriver
  sidekiq
  spring
  spring-watcher-listen (~> 2.0.0)
  timecop
  turbolinks (~> 5)
  vcr
  web-console (>= 3.3.0)
  webdrivers
  webmock
  webpacker (~> 4.0)
  websocket-extensions (>= 0.1.5)
  whenever

BUNDLED WITH
   2.2.16
